GEM
  remote: https://rubygems.org/
  specs:
    i18n (0.8.1)

PLATFORMS
  ruby

DEPENDENCIES
  i18n (~> 0.8.1)

BUNDLED WITH
   1.13.6
